PATH
  remote: .
  specs:
    glebtv-httpclient (3.2.0.beta6)
      PriorityQueue
      activesupport

GEM
  remote: http://rubygems.org/
  specs:
    PriorityQueue (0.1.2)
    activesupport (4.0.2)
      i18n (~> 0.6, >= 0.6.4)
      minitest (~> 4.2)
      multi_json (~> 1.3)
      thread_safe (~> 0.1)
      tzinfo (~> 0.3.37)
    atomic (1.1.14)
    coveralls (0.7.0)
      multi_json (~> 1.3)
      rest-client
      simplecov (>= 0.7)
      term-ansicolor
      thor
    diff-lcs (1.2.5)
    docile (1.1.2)
    i18n (0.6.9)
    json (1.8.1)
    mime-types (2.1)
    minitest (4.7.5)
    multi_json (1.8.4)
    rake (10.1.1)
    rdoc (4.1.1)
      json (~> 1.4)
    rest-client (1.6.7)
      mime-types (>= 1.16)
    rspec (2.14.1)
      rspec-core (~> 2.14.0)
      rspec-expectations (~> 2.14.0)
      rspec-mocks (~> 2.14.0)
    rspec-core (2.14.7)
    rspec-expectations (2.14.5)
      diff-lcs (>= 1.1.3, < 2.0)
    rspec-mocks (2.14.5)
    simplecov (0.8.2)
      docile (~> 1.1.0)
      multi_json
      simplecov-html (~> 0.8.0)
    simplecov-html (0.8.0)
    term-ansicolor (1.2.2)
      tins (~> 0.8)
    test-unit (2.5.5)
    thor (0.18.1)
    thread_safe (0.1.3)
      atomic
    tins (0.13.2)
    tzinfo (0.3.38)

PLATFORMS
  ruby

DEPENDENCIES
  bundler
  coveralls
  glebtv-httpclient!
  jruby-openssl
  rake
  rdoc
  rspec
  test-unit
