PATH
  remote: .
  specs:
    glebtv-httpclient (3.2.8)
      lru_redux

GEM
  remote: http://rubygems.org/
  specs:
    activesupport (3.2.19)
      i18n (~> 0.6, >= 0.6.4)
      multi_json (~> 1.0)
    climate_control (0.0.3)
      activesupport (>= 3.0)
    coveralls (0.7.0)
      multi_json (~> 1.3)
      rest-client
      simplecov (>= 0.7)
      term-ansicolor
      thor
    diff-lcs (1.2.5)
    docile (1.1.5)
    i18n (0.6.11)
    json (1.8.1)
    lru_redux (0.8.1)
    mime-types (2.3)
    multi_json (1.10.1)
    netrc (0.7.7)
    power_assert (0.1.3)
    rake (10.3.2)
    rdoc (4.1.1)
      json (~> 1.4)
    rest-client (1.7.2)
      mime-types (>= 1.16, < 3.0)
      netrc (~> 0.7)
    rspec (3.0.0)
      rspec-core (~> 3.0.0)
      rspec-expectations (~> 3.0.0)
      rspec-mocks (~> 3.0.0)
    rspec-core (3.0.3)
      rspec-support (~> 3.0.0)
    rspec-expectations (3.0.3)
      diff-lcs (>= 1.2.0, < 2.0)
      rspec-support (~> 3.0.0)
    rspec-mocks (3.0.3)
      rspec-support (~> 3.0.0)
    rspec-support (3.0.3)
    rspecify (0.1.7)
      activesupport (>= 3.0)
      i18n (~> 0.6.0)
      ruby_parser (~> 2.3.1)
      ruby_scribe (~> 0.1.4)
      ruby_transform (~> 0.1.4)
      thor (~> 0.13)
    ruby_parser (2.3.1)
      sexp_processor (~> 3.0)
    ruby_scribe (0.1.5)
      activesupport (~> 3.0)
      i18n (~> 0.6.0)
      ruby_parser (~> 2.3.1)
      thor (~> 0.13)
    ruby_transform (0.1.5)
      activesupport (>= 3.0)
      i18n (~> 0.6.0)
      ruby_parser (~> 2.3.1)
      ruby_scribe (~> 0.1.4)
      thor (~> 0.13)
    sexp_processor (3.2.0)
    simplecov (0.9.0)
      docile (~> 1.1.0)
      multi_json
      simplecov-html (~> 0.8.0)
    simplecov-html (0.8.0)
    term-ansicolor (1.3.0)
      tins (~> 1.0)
    test-unit (3.0.1)
      power_assert
    thor (0.19.1)
    tins (1.3.0)

PLATFORMS
  ruby

DEPENDENCIES
  bundler
  climate_control
  coveralls
  glebtv-httpclient!
  rake
  rdoc
  rspec
  rspecify
  test-unit
